GEM
  remote: https://rubygems.org/
  specs:
    faraday (0.9.2)
      multipart-post (>= 1.2, < 3)
    faraday_middleware (0.10.0)
      faraday (>= 0.7.4, < 0.10)
    highline (1.7.8)
    minitest (5.9.1)
    multipart-post (2.0.0)
    paint (1.0.1)
    particlerb (1.1.0)
      faraday (~> 0.9.0)
      faraday_middleware (>= 0.9.0)
    rake (11.3.0)
    thor (0.19.1)
    unicode-display_width (1.1.1)
    whirly (0.2.3)
      unicode-display_width (~> 1.1)

PLATFORMS
  ruby

DEPENDENCIES
  highline
  minitest (>= 5)
  paint
  particlerb
  rake
  thor
  whirly

BUNDLED WITH
   1.13.3
